GEM
  remote: https://gems.ruby-china.com/
  specs:
    aliyun-sdk (0.3.0)
      nokogiri (~> 1.6)
      rest-client (~> 1.8)
    domain_name (0.5.20180417)
      unf (>= 0.0.5, < 1.0.0)
    http-cookie (1.0.3)
      domain_name (~> 0.5)
    mime-types (2.99.3)
    mini_portile2 (2.3.0)
    netrc (0.11.0)
    nokogiri (1.8.4)
      mini_portile2 (~> 2.3.0)
    rest-client (1.8.0)
      http-cookie (>= 1.0.2, < 2.0)
      mime-types (>= 1.16, < 3.0)
      netrc (~> 0.7)
    unf (0.1.4)
      unf_ext
    unf_ext (0.0.7.5)

PLATFORMS
  ruby

DEPENDENCIES
  aliyun-sdk (= 0.3.0)

BUNDLED WITH
   1.16.1
